GEM
  remote: https://rubygems.org/
  specs:
    faraday (0.8.8)
      multipart-post (~> 1.2.0)
    highline (1.6.19)
    multipart-post (1.2.0)
    octokit (2.0.0)
      sawyer (~> 0.3.0)
    sawyer (0.3.0)
      faraday (~> 0.8, < 0.10)
      uri_template (~> 0.5.0)
    trollop (2.0)
    uri_template (0.5.3)

PLATFORMS
  ruby

DEPENDENCIES
  highline
  octokit (~> 2.0)
  trollop
